GEM
  remote: http://rubygems.org/
  specs:
    faraday (0.11.0)
      multipart-post (>= 1.2, < 3)
    faraday_middleware (0.11.0)
      faraday (>= 0.7.4, < 1.0)
    multipart-post (2.0.0)
    simple_oauth (0.3.1)
    yelp (2.1.4)
      faraday (~> 0.8, >= 0.8.0)
      faraday_middleware (~> 0.8, >= 0.8.0)
      simple_oauth (~> 0.3.1)

PLATFORMS
  x86-mingw32

DEPENDENCIES
  yelp
